GEM
  remote: http://rubygems.org/
  specs:
    daemons (1.1.3)
    eventmachine (0.12.10)
    rack (1.2.2)
    rake (0.8.7)
    simple_oauth (0.1.4)
    tweetstream (1.0.4)
      daemons
      twitter-stream
    twitter-stream (0.1.13)
      eventmachine (~> 0.12.8)
      simple_oauth (~> 0.1.4)

PLATFORMS
  ruby

DEPENDENCIES
  rack
  rake
  tweetstream
